GEM
  remote: https://rubygems.org/
  specs:
    pg (0.21.0)
    puma (2.14.0)
    puma (2.14.0-java)
    rack (1.6.4)
    rack-protection (1.5.3)
      rack
    sinatra (1.4.6)
      rack (~> 1.4)
      rack-protection (~> 1.4)
      tilt (>= 1.3, < 3)
    tilt (2.0.1)

PLATFORMS
  java
  ruby

DEPENDENCIES
  puma
  sinatra

BUNDLED WITH
   1.10.6
